GEM
  remote: https://rubygems.org/
  specs:
    base64 (0.1.1)
    gitlab (4.19.0)
      httparty (~> 0.20)
      terminal-table (>= 1.5.1)
    httparty (0.20.0)
      mime-types (~> 3.0)
      multi_xml (>= 0.5.2)
    mime-types (3.4.1)
      mime-types-data (~> 3.2015)
    mime-types-data (3.2022.0105)
    multi_json (1.15.0)
    multi_xml (0.6.0)
    mustermann (3.0.0)
      ruby2_keywords (~> 0.0.1)
    rack (2.2.4)
    rack-protection (3.0.4)
      rack
    ruby2_keywords (0.0.5)
    sinatra (3.0.4)
      mustermann (~> 3.0)
      rack (~> 2.2, >= 2.2.4)
      rack-protection (= 3.0.4)
      tilt (~> 2.0)
    sinatra-contrib (3.0.4)
      multi_json
      mustermann (~> 3.0)
      rack-protection (= 3.0.4)
      sinatra (= 3.0.4)
      tilt (~> 2.0)
    terminal-table (3.0.2)
      unicode-display_width (>= 1.1.1, < 3)
    tilt (2.0.11)
    unicode-display_width (2.3.0)
    zlib (3.0.0)

PLATFORMS
  x86_64-linux

DEPENDENCIES
  base64
  gitlab
  httparty
  sinatra
  sinatra-contrib
  zlib

BUNDLED WITH
   2.3.25
